GEM
  remote: http://rubygems.org/
  specs:
    RedCloth (4.2.8)
    activesupport (3.1.3)
      multi_json (~> 1.0)
    addressable (2.2.6)
    base58 (0.1.0)
    coderay (1.0.4)
    faraday (0.7.5)
      addressable (~> 2.2.6)
      multipart-post (~> 1.1.3)
      rack (>= 1.1.0, < 2)
    flickraw (0.9.5)
    github_api (0.3.9)
      faraday (~> 0.7.4)
      hashie (~> 1.2.0)
      multi_json (~> 1.0.3)
      oauth2 (~> 0.5.0)
    haml (3.1.3)
    hashie (1.2.0)
    i18n (0.6.0)
    json (1.6.4)
    mail (2.3.0)
      i18n (>= 0.4.0)
      mime-types (~> 1.16)
      treetop (~> 1.4.8)
    mime-types (1.17.2)
    multi_json (1.0.4)
    multipart-post (1.1.4)
    nesta (0.9.11)
      RedCloth (~> 4.2)
      haml (~> 3.1)
      rdiscount (~> 1.6)
      sass (~> 3.1)
      shotgun (>= 0.8)
      sinatra (= 1.2.6)
    nokogiri (1.5.0)
    oauth2 (0.5.2)
      faraday (~> 0.7)
      multi_json (~> 1.0)
    polyglot (0.3.3)
    pony (1.4)
      mail (> 2.0)
    rack (1.3.5)
    rack-codehighlighter (0.5.0)
      nokogiri (>= 1.4.1)
      rack (>= 1.0.0)
    rdiscount (1.6.8)
    sass (3.1.10)
    shotgun (0.9)
      rack (>= 1.0)
    simple_oauth (0.1.5)
    sinatra (1.2.6)
      rack (~> 1.1)
      tilt (>= 1.2.2, < 2.0)
    tilt (1.3.3)
    treetop (1.4.10)
      polyglot
      polyglot (>= 0.3.1)
    twitter (2.0.2)
      activesupport (>= 2.3.9, < 4)
      faraday (~> 0.7)
      multi_json (~> 1.0)
      simple_oauth (~> 0.1)
    will_paginate (3.0.2)

PLATFORMS
  ruby

DEPENDENCIES
  base58
  coderay
  flickraw
  github_api
  haml
  json
  nesta (= 0.9.11)
  nokogiri
  pony
  rack-codehighlighter
  twitter
  will_paginate
